GEM
  remote: https://rubygems.org/
  specs:
    cmdparse (2.0.6)
    concurrent-ruby (1.1.8)
    i18n (1.8.10)
      concurrent-ruby (~> 1.0)
    juicer (1.2.0)
      cmdparse
      nokogiri (>= 1.5.0)
      rubyzip (= 0.9.9)
    nokogiri (1.12.5-arm64-darwin)
      racc (~> 1.4)
    nokogiri (1.12.5-x86_64-darwin)
      racc (~> 1.4)
    nokogiri (1.12.5-x86_64-linux)
      racc (~> 1.4)
    racc (1.5.2)
    rake (13.0.3)
    rubyzip (0.9.9)

PLATFORMS
  universal-darwin-20
  x86_64-darwin-18
  x86_64-linux

DEPENDENCIES
  cmdparse (~> 2.0.6)
  i18n
  juicer
  rake

BUNDLED WITH
   2.2.17
