GEM
  remote: https://rubygems.org/
  specs:
    cmdparse (2.0.6)
    concurrent-ruby (1.2.2)
    htmlbeautifier (1.4.2)
    i18n (1.14.1)
      concurrent-ruby (~> 1.0)
    juicer (1.2.0)
      cmdparse
      nokogiri (>= 1.5.0)
      rubyzip (= 0.9.9)
    mini_portile2 (2.8.5)
    nokogiri (1.16.2)
      mini_portile2 (~> 2.8.2)
      racc (~> 1.4)
    nokogiri (1.16.2-arm64-darwin)
      racc (~> 1.4)
    nokogiri (1.16.2-x86_64-darwin)
      racc (~> 1.4)
    nokogiri (1.16.2-x86_64-linux)
      racc (~> 1.4)
    racc (1.7.3)
    rake (13.0.6)
    rubyzip (0.9.9)

PLATFORMS
  ruby
  universal-darwin-20
  x86_64-darwin-18
  x86_64-linux

DEPENDENCIES
  cmdparse (~> 2.0.6)
  htmlbeautifier
  i18n
  juicer
  nokogiri (>= 1.13.6)
  rake

BUNDLED WITH
   2.2.32
