GEM
  remote: https://rubygems.org/
  specs:
    concurrent-ruby (1.1.8)
    i18n (1.8.9)
      concurrent-ruby (~> 1.0)
    rake (13.0.3)

PLATFORMS
  universal-darwin-20
  x86_64-darwin-18
  x86_64-linux

DEPENDENCIES
  i18n
  rake

BUNDLED WITH
   2.2.14
